GIT
  remote: https://github.com/blindsidenetworks/bn-ldap-authentication.git
  revision: 9b93c64f106675755577f45d1fe520ca5405d522
  specs:
    bn-ldap-authentication (1.0.1)
      net-ldap

GIT
  remote: https://github.com/blindsidenetworks/omniauth-bn-launcher.git
  revision: 1b4a5e0715312567922648aebb0f662d08a3fe24
  tag: 0.1.3
  specs:
    omniauth-bn-launcher (0.1.3)
      omniauth (~> 1.3, >= 1.3.2)
      omniauth-oauth2 (= 1.5.0)

GIT
  remote: https://github.com/blindsidenetworks/omniauth-bn-office365.git
  revision: d6640b37b5df50b5ed80e1271518bfb5dfb2a966
  tag: 0.1.0
  specs:
    omniauth-bn-office365 (1.0.0)
      omniauth (>= 1.3.2)
      omniauth-oauth2 (>= 1.5.0)

GIT
  remote: https://github.com/blindsidenetworks/tabler-rubygem.git
  revision: 4c16e6dc930f6b92dec093abaf9652d768b46d97
  tag: 0.1.4.1
  specs:
    tabler-rubygem (0.1.4.1)
      autoprefixer-rails (>= 6.0.3)

GEM
  remote: https://rubygems.org/
  specs:
    action-cable-testing (0.6.1)
      actioncable (>= 5.0)
    actioncable (7.1.0)
      actionpack (= 7.1.0)
      activesupport (= 7.1.0)
      nio4r (~> 2.0)
      websocket-driver (>= 0.6.1)
      zeitwerk (~> 2.6)
    actionmailbox (7.1.0)
      actionpack (= 7.1.0)
      activejob (= 7.1.0)
      activerecord (= 7.1.0)
      activestorage (= 7.1.0)
      activesupport (= 7.1.0)
      mail (>= 2.7.1)
      net-imap
      net-pop
      net-smtp
    actionmailer (7.1.0)
      actionpack (= 7.1.0)
      actionview (= 7.1.0)
      activejob (= 7.1.0)
      activesupport (= 7.1.0)
      mail (~> 2.5, >= 2.5.4)
      net-imap
      net-pop
      net-smtp
      rails-dom-testing (~> 2.2)
    actionpack (7.1.0)
      actionview (= 7.1.0)
      activesupport (= 7.1.0)
      nokogiri (>= 1.8.5)
      rack (>= 2.2.4)
      rack-session (>= 1.0.1)
      rack-test (>= 0.6.3)
      rails-dom-testing (~> 2.2)
      rails-html-sanitizer (~> 1.6)
    actiontext (7.1.0)
      actionpack (= 7.1.0)
      activerecord (= 7.1.0)
      activestorage (= 7.1.0)
      activesupport (= 7.1.0)
      globalid (>= 0.6.0)
      nokogiri (>= 1.8.5)
    actionview (7.1.0)
      activesupport (= 7.1.0)
      builder (~> 3.1)
      erubi (~> 1.11)
      rails-dom-testing (~> 2.2)
      rails-html-sanitizer (~> 1.6)
    activejob (7.1.0)
      activesupport (= 7.1.0)
      globalid (>= 0.3.6)
    activemodel (7.1.0)
      activesupport (= 7.1.0)
    activerecord (7.1.0)
      activemodel (= 7.1.0)
      activesupport (= 7.1.0)
      timeout (>= 0.4.0)
    activestorage (7.1.0)
      actionpack (= 7.1.0)
      activejob (= 7.1.0)
      activerecord (= 7.1.0)
      activesupport (= 7.1.0)
      marcel (~> 1.0)
    activesupport (7.1.0)
      base64
      bigdecimal
      concurrent-ruby (~> 1.0, >= 1.0.2)
      connection_pool (>= 2.2.5)
      drb
      i18n (>= 1.6, < 2)
      minitest (>= 5.1)
      mutex_m
      tzinfo (~> 2.0)
    addressable (2.6.0)
      public_suffix (>= 2.0.2, < 4.0)
    ast (2.4.0)
    autoprefixer-rails (10.4.15.0)
      execjs (~> 2)
    base64 (0.1.1)
    bcrypt (3.1.13)
    bigbluebutton-api-ruby (1.7.0)
      xml-simple (~> 1.1)
    bigdecimal (3.1.4)
    bindex (0.8.1)
    bootsnap (1.4.4)
      msgpack (~> 1.0)
    bootstrap (4.4.1)
      autoprefixer-rails (>= 9.1.0)
      popper_js (>= 1.14.3, < 2)
      sassc-rails (>= 2.0.0)
    builder (3.2.4)
    byebug (11.0.1)
    cancancan (2.3.0)
    coffee-rails (5.0.0)
      coffee-script (>= 2.2.0)
      railties (>= 5.2.0)
    coffee-script (2.4.1)
      coffee-script-source
      execjs
    coffee-script-source (1.12.2)
    concurrent-ruby (1.2.2)
    connection_pool (2.4.1)
    coveralls (0.8.23)
      json (>= 1.8, < 3)
      simplecov (~> 0.16.1)
      term-ansicolor (~> 1.3)
      thor (>= 0.19.4, < 2.0)
      tins (~> 1.6)
    crack (0.4.3)
      safe_yaml (~> 1.0.0)
    crass (1.0.6)
    date (3.3.3)
    diff-lcs (1.5.0)
    docile (1.3.2)
    dotenv (2.8.1)
    dotenv-rails (2.8.1)
      dotenv (= 2.8.1)
      railties (>= 3.2)
    drb (2.1.1)
      ruby2_keywords
    erubi (1.12.0)
    execjs (2.9.1)
    factory_bot (6.2.1)
      activesupport (>= 5.0.0)
    factory_bot_rails (6.2.0)
      factory_bot (~> 6.2.0)
      railties (>= 5.0.0)
    faker (1.9.6)
      i18n (>= 0.7)
    faraday (2.7.11)
      base64
      faraday-net_http (>= 2.0, < 3.1)
      ruby2_keywords (>= 0.0.4)
    faraday-net_http (3.0.2)
    ffi (1.16.3)
    font-awesome-sass (5.9.0)
      sassc (>= 1.11)
    globalid (1.2.1)
      activesupport (>= 6.1)
    hashdiff (0.4.0)
    hashie (5.0.0)
    health_check (3.1.0)
      railties (>= 5.0)
    hiredis (0.6.3)
    http_accept_language (2.1.1)
    i18n (1.14.1)
      concurrent-ruby (~> 1.0)
    i18n-language-mapping (0.1.0)
    io-console (0.6.0)
    irb (1.8.1)
      rdoc
      reline (>= 0.3.8)
    jaro_winkler (1.5.3)
    jbuilder (2.9.1)
      activesupport (>= 4.2.0)
    jquery-rails (4.4.0)
      rails-dom-testing (>= 1, < 3)
      railties (>= 4.2.0)
      thor (>= 0.14, < 2.0)
    jquery-ui-rails (6.0.1)
      railties (>= 3.2.16)
    json (2.2.0)
    jwt (2.7.1)
    libv8 (7.3.492.27.1)
    listen (3.0.8)
      rb-fsevent (~> 0.9, >= 0.9.4)
      rb-inotify (~> 0.9, >= 0.9.7)
    lograge (0.13.0)
      actionpack (>= 4)
      activesupport (>= 4)
      railties (>= 4)
      request_store (~> 1.0)
    loofah (2.21.3)
      crass (~> 1.0.2)
      nokogiri (>= 1.12.0)
    mail (2.8.1)
      mini_mime (>= 0.1.1)
      net-imap
      net-pop
      net-smtp
    marcel (1.0.2)
    mini_mime (1.1.5)
    mini_portile2 (2.8.4)
    mini_racer (0.2.6)
      libv8 (>= 6.9.411)
    minitest (5.20.0)
    msgpack (1.3.0)
    multi_json (1.15.0)
    multi_xml (0.6.0)
    mutex_m (0.1.2)
    net-imap (0.4.0)
      date
      net-protocol
    net-ldap (0.16.1)
    net-pop (0.1.2)
      net-protocol
    net-protocol (0.2.1)
      timeout
    net-smtp (0.4.0)
      net-protocol
    nio4r (2.5.9)
    nokogiri (1.15.4)
      mini_portile2 (~> 2.8.2)
      racc (~> 1.4)
    oauth (0.5.4)
    oauth2 (1.4.11)
      faraday (>= 0.17.3, < 3.0)
      jwt (>= 1.0, < 3.0)
      multi_json (~> 1.3)
      multi_xml (~> 0.5)
      rack (>= 1.2, < 4)
    omniauth (1.9.2)
      hashie (>= 3.4.6)
      rack (>= 1.6.2, < 3)
    omniauth-google-oauth2 (0.7.0)
      jwt (>= 2.0)
      omniauth (>= 1.1.1)
      omniauth-oauth2 (>= 1.5)
    omniauth-oauth (1.1.0)
      oauth
      omniauth (~> 1.0)
    omniauth-oauth2 (1.5.0)
      oauth2 (~> 1.1)
      omniauth (~> 1.2)
    omniauth-twitter (1.4.0)
      omniauth-oauth (~> 1.1)
      rack
    pagy (3.3.2)
    parallel (1.17.0)
    parser (2.6.3.0)
      ast (~> 2.4.0)
    pg (0.21.0)
    popper_js (1.16.1)
    psych (5.1.0)
      stringio
    public_suffix (3.1.1)
    puma (3.12.1)
    racc (1.7.1)
    rack (2.2.8)
    rack-session (1.0.1)
      rack (< 3)
    rack-test (2.1.0)
      rack (>= 1.3)
    rackup (1.0.0)
      rack (< 3)
      webrick
    rails (7.1.0)
      actioncable (= 7.1.0)
      actionmailbox (= 7.1.0)
      actionmailer (= 7.1.0)
      actionpack (= 7.1.0)
      actiontext (= 7.1.0)
      actionview (= 7.1.0)
      activejob (= 7.1.0)
      activemodel (= 7.1.0)
      activerecord (= 7.1.0)
      activestorage (= 7.1.0)
      activesupport (= 7.1.0)
      bundler (>= 1.15.0)
      railties (= 7.1.0)
    rails-controller-testing (1.0.5)
      actionpack (>= 5.0.1.rc1)
      actionview (>= 5.0.1.rc1)
      activesupport (>= 5.0.1.rc1)
    rails-dom-testing (2.2.0)
      activesupport (>= 5.0.0)
      minitest
      nokogiri (>= 1.6)
    rails-html-sanitizer (1.6.0)
      loofah (~> 2.21)
      nokogiri (~> 1.14)
    railties (7.1.0)
      actionpack (= 7.1.0)
      activesupport (= 7.1.0)
      irb
      rackup (>= 1.0.0)
      rake (>= 12.2)
      thor (~> 1.0, >= 1.2.2)
      zeitwerk (~> 2.6)
    rainbow (3.0.0)
    rake (13.0.6)
    random_password (0.1.1)
    rb-fsevent (0.10.3)
    rb-inotify (0.10.0)
      ffi (~> 1.0)
    rdoc (6.5.0)
      psych (>= 4.0.0)
    recaptcha (5.0.0)
      json
    redcarpet (3.4.0)
    redis (4.1.2)
    reline (0.3.9)
      io-console (~> 0.5)
    remote_syslog_logger (1.0.4)
      syslog_protocol
    request_store (1.5.1)
      rack (>= 1.4)
    rspec-core (3.9.3)
      rspec-support (~> 3.9.3)
    rspec-expectations (3.9.4)
      diff-lcs (>= 1.2.0, < 2.0)
      rspec-support (~> 3.9.0)
    rspec-mocks (3.9.1)
      diff-lcs (>= 1.2.0, < 2.0)
      rspec-support (~> 3.9.0)
    rspec-rails (3.9.1)
      actionpack (>= 3.0)
      activesupport (>= 3.0)
      railties (>= 3.0)
      rspec-core (~> 3.9.0)
      rspec-expectations (~> 3.9.0)
      rspec-mocks (~> 3.9.0)
      rspec-support (~> 3.9.0)
    rspec-support (3.9.4)
    rubocop (0.72.0)
      jaro_winkler (~> 1.5.1)
      parallel (~> 1.10)
      parser (>= 2.6)
      rainbow (>= 2.2.2, < 4.0)
      ruby-progressbar (~> 1.7)
      unicode-display_width (>= 1.4.0, < 1.7)
    ruby-progressbar (1.10.1)
    ruby2_keywords (0.0.5)
    safe_yaml (1.0.5)
    sassc (2.4.0)
      ffi (~> 1.9)
    sassc-rails (2.1.2)
      railties (>= 4.0.0)
      sassc (>= 2.0)
      sprockets (> 3.0)
      sprockets-rails
      tilt
    shoulda-matchers (3.1.3)
      activesupport (>= 4.0.0)
    simplecov (0.16.1)
      docile (~> 1.1)
      json (>= 1.8, < 3)
      simplecov-html (~> 0.10.0)
    simplecov-html (0.10.2)
    spring (2.1.0)
    spring-watcher-listen (2.0.1)
      listen (>= 2.7, < 4.0)
      spring (>= 1.2, < 3.0)
    sprockets (4.2.1)
      concurrent-ruby (~> 1.0)
      rack (>= 2.2.4, < 4)
    sprockets-rails (3.4.2)
      actionpack (>= 5.2)
      activesupport (>= 5.2)
      sprockets (>= 3.0.0)
    sqlite3 (1.3.13)
    stringio (3.0.8)
    syslog_protocol (0.9.2)
    term-ansicolor (1.7.1)
      tins (~> 1.0)
    thor (1.2.2)
    tilt (2.3.0)
    timeout (0.4.0)
    tins (1.21.0)
    turbolinks (5.2.0)
      turbolinks-source (~> 5.2)
    turbolinks-source (5.2.0)
    tzinfo (2.0.6)
      concurrent-ruby (~> 1.0)
    uglifier (4.1.20)
      execjs (>= 0.3.0, < 3)
    unicode-display_width (1.6.0)
    web-console (4.2.1)
      actionview (>= 6.0.0)
      activemodel (>= 6.0.0)
      bindex (>= 0.4.0)
      railties (>= 6.0.0)
    webmock (3.6.0)
      addressable (>= 2.3.6)
      crack (>= 0.3.2)
      hashdiff (>= 0.4.0, < 2.0.0)
    webrick (1.8.1)
    websocket-driver (0.7.6)
      websocket-extensions (>= 0.1.0)
    websocket-extensions (0.1.5)
    xml-simple (1.1.5)
    zeitwerk (2.6.12)

PLATFORMS
  ruby

DEPENDENCIES
  action-cable-testing (>= 0.6.0)
  bcrypt (~> 3.1.7)
  bigbluebutton-api-ruby
  bn-ldap-authentication!
  bootsnap (>= 1.1.0)
  bootstrap (~> 4.4.1)
  byebug
  cancancan (~> 2.0)
  coffee-rails (~> 5.0, >= 5.0.0)
  coveralls
  dotenv-rails (>= 2.7.6)
  factory_bot_rails (>= 5.1.0)
  faker
  font-awesome-sass (~> 5.9.0)
  health_check (>= 3.1.0)
  hiredis
  http_accept_language
  i18n-language-mapping (~> 0.1.0)
  jbuilder (~> 2.5)
  jquery-rails (~> 4.4.0)
  jquery-ui-rails
  listen (~> 3.0.5)
  lograge (>= 0.12.0)
  mini_racer
  net-ldap
  omniauth
  omniauth-bn-launcher!
  omniauth-bn-office365!
  omniauth-google-oauth2
  omniauth-twitter
  pagy
  pg (~> 0.18)
  puma (~> 3.0)
  rails (~> 7.1.0)
  rails-controller-testing (>= 1.0.5)
  random_password
  recaptcha
  redcarpet
  redis
  remote_syslog_logger
  rspec-rails (~> 3.8, >= 3.8.3)
  rubocop
  sassc-rails
  shoulda-matchers (~> 3.1)
  spring
  spring-watcher-listen (~> 2.0.0)
  sqlite3 (~> 1.3.6)
  tabler-rubygem!
  turbolinks (~> 5)
  tzinfo-data
  uglifier (>= 1.3.0)
  web-console (>= 4.0.0)
  webmock

BUNDLED WITH
   2.1.4
